GEM
  remote: https://rubygems.org/
  specs:
    byebug (9.0.6)
    httparty (0.14.0)
      multi_xml (>= 0.5.2)
    mini_portile2 (2.1.0)
    multi_xml (0.6.0)
    nokogiri (1.7.0.1)
      mini_portile2 (~> 2.1.0)
    similar_text (0.0.4)

PLATFORMS
  ruby

DEPENDENCIES
  byebug
  httparty
  nokogiri
  similar_text

BUNDLED WITH
   1.14.4
